GEM
  remote: https://rubygems.org/
  specs:
    icalendar (2.4.0)
    mini_portile2 (2.1.0)
    nokogiri (1.6.8)
      mini_portile2 (~> 2.1.0)
      pkg-config (~> 1.1.7)
    pkg-config (1.1.7)
    thread_safe (0.3.5)
    tzinfo (1.2.2)
      thread_safe (~> 0.1)
    tzinfo-data (1.2016.6)
      tzinfo (>= 1.0.0)

PLATFORMS
  ruby

DEPENDENCIES
  icalendar
  nokogiri
  tzinfo
  tzinfo-data

BUNDLED WITH
   1.12.5
